PATH
  remote: .
  specs:
    acts_as_revisionable (1.4.0.sermo)
      activerecord (= 4.0.13)
      protected_attributes

GEM
  remote: https://rubygems.org/
  specs:
    activemodel (4.0.13)
      activesupport (= 4.0.13)
      builder (~> 3.1.0)
    activerecord (4.0.13)
      activemodel (= 4.0.13)
      activerecord-deprecated_finders (~> 1.0.2)
      activesupport (= 4.0.13)
      arel (~> 4.0.0)
    activerecord-deprecated_finders (1.0.4)
    activesupport (4.0.13)
      i18n (~> 0.6, >= 0.6.9)
      minitest (~> 4.2)
      multi_json (~> 1.3)
      thread_safe (~> 0.1)
      tzinfo (~> 0.3.37)
    arel (4.0.2)
    builder (3.1.4)
    byebug (9.0.6)
    coderay (1.1.1)
    diff-lcs (1.2.5)
    i18n (0.8.1)
    method_source (0.8.2)
    minitest (4.7.5)
    multi_json (1.12.1)
    protected_attributes (1.1.4)
      activemodel (>= 4.0.1, < 5.0)
    pry (0.10.4)
      coderay (~> 1.1.0)
      method_source (~> 0.8.1)
      slop (~> 3.4)
    pry-byebug (3.4.2)
      byebug (~> 9.0)
      pry (~> 0.10)
    rspec (2.14.1)
      rspec-core (~> 2.14.0)
      rspec-expectations (~> 2.14.0)
      rspec-mocks (~> 2.14.0)
    rspec-core (2.14.8)
    rspec-expectations (2.14.5)
      diff-lcs (>= 1.1.3, < 2.0)
    rspec-mocks (2.14.6)
    slop (3.6.0)
    sqlite3 (1.3.9)
    thread_safe (0.3.6)
    tzinfo (0.3.53)

PLATFORMS
  ruby

DEPENDENCIES
  acts_as_revisionable!
  pry
  pry-byebug
  rspec (= 2.14.1)
  sqlite3

BUNDLED WITH
   1.14.6
